GIT
  remote: git://github.com/undees/neography.git
  revision: beba0a4a24bffea044283704e2e744475d08a7e5
  tag: warbler
  specs:
    neography (0.0.7)
      httparty (~> 0.6.1)
      json

GEM
  remote: http://rubygems.org/
  specs:
    bouncy-castle-java (1.5.0145.2)
    crack (0.1.8)
    haml (3.0.25)
    httparty (0.6.1)
      crack (= 0.1.8)
    jruby-openssl (0.7.2)
      bouncy-castle-java
    json (1.4.6-java)
    rack (1.2.1)
    sinatra (1.1.2)
      rack (~> 1.1)
      tilt (~> 1.2)
    tilt (1.2.1)

PLATFORMS
  java

DEPENDENCIES
  haml (~> 3.0)
  jruby-openssl (~> 0.7)
  neography (~> 0.0.7)!
  sinatra (~> 1.1)
